GEM
  remote: https://rubygems.org/
  specs:
    byebug (10.0.2)
    coderay (1.1.2)
    ethon (0.11.0)
      ffi (>= 1.3.0)
    ffi (1.9.23)
    method_source (0.9.0)
    mini_portile2 (2.3.0)
    nokogiri (1.8.2)
      mini_portile2 (~> 2.3.0)
    pry (0.11.3)
      coderay (~> 1.1.0)
      method_source (~> 0.9.0)
    pry-byebug (3.6.0)
      byebug (~> 10.0)
      pry (~> 0.10)
    rake (10.5.0)
    typhoeus (0.8.0)
      ethon (>= 0.8.0)

PLATFORMS
  ruby

DEPENDENCIES
  nokogiri (~> 1.8)
  pry-byebug (~> 3.3)
  rake (~> 10.5)
  typhoeus (~> 0.8.0)

BUNDLED WITH
   1.16.1
